PATH
  remote: .
  specs:
    rexis (0.5.0)
      dotenv (~> 0.9)
      haml (~> 4.0)
      pg (~> 0.17)
      sequel (~> 4.7)
      sinatra (~> 1.4)
      thin (~> 1.5)

GEM
  remote: https://rubygems.org/
  specs:
    coderay (1.0.8)
    daemons (1.1.9)
    diff-lcs (1.1.3)
    dotenv (0.9.0)
    eventmachine (1.0.3)
    guard (1.5.4)
      listen (>= 0.4.2)
      lumberjack (>= 1.0.2)
      pry (>= 0.9.10)
      thor (>= 0.14.6)
    guard-minitest (0.5.0)
      guard (>= 0.4)
    guard-rspec (2.3.3)
      guard (>= 1.1)
      rspec (~> 2.11)
    haml (4.0.5)
      tilt
    listen (0.6.0)
    lumberjack (1.0.2)
    method_source (0.8.1)
    pg (0.17.1)
    pry (0.9.10)
      coderay (~> 1.0.5)
      method_source (~> 0.8)
      slop (~> 3.3.1)
    rack (1.4.1)
    rack-protection (1.5.2)
      rack
    rack-test (0.6.2)
      rack (>= 1.0)
    rake (10.0.3)
    rspec (2.12.0)
      rspec-core (~> 2.12.0)
      rspec-expectations (~> 2.12.0)
      rspec-mocks (~> 2.12.0)
    rspec-core (2.12.2)
    rspec-expectations (2.12.1)
      diff-lcs (~> 1.1.3)
    rspec-mocks (2.12.0)
    ruby_gntp (0.3.4)
    sequel (4.7.0)
    sinatra (1.4.4)
      rack (~> 1.4)
      rack-protection (~> 1.4)
      tilt (~> 1.3, >= 1.3.4)
    slop (3.3.3)
    thin (1.6.1)
      daemons (>= 1.0.9)
      eventmachine (>= 1.0.0)
      rack (>= 1.0.0)
    thor (0.16.0)
    tilt (1.4.1)

PLATFORMS
  ruby

DEPENDENCIES
  guard-minitest
  guard-rspec
  rack-test
  rake
  rexis!
  rspec
  ruby_gntp
