PATH
  remote: .
  specs:
    rexis (0.5.0)
      dotenv (~> 0.9)
      haml (~> 4.0)
      pg (~> 0.17)
      rake (~> 10.1)
      rspec (~> 2.12)
      sequel (~> 4.7)
      sinatra (~> 1.4)

GEM
  remote: https://rubygems.org/
  specs:
    diff-lcs (1.1.3)
    dotenv (0.9.0)
    haml (4.0.5)
      tilt
    pg (0.17.1)
    rack (1.4.1)
    rack-protection (1.5.2)
      rack
    rack-test (0.6.2)
      rack (>= 1.0)
    rake (10.1.0)
    rspec (2.12.0)
      rspec-core (~> 2.12.0)
      rspec-expectations (~> 2.12.0)
      rspec-mocks (~> 2.12.0)
    rspec-core (2.12.2)
    rspec-expectations (2.12.1)
      diff-lcs (~> 1.1.3)
    rspec-mocks (2.12.0)
    sequel (4.7.0)
    sinatra (1.4.4)
      rack (~> 1.4)
      rack-protection (~> 1.4)
      tilt (~> 1.3, >= 1.3.4)
    tilt (1.4.1)
    timecop (0.7.1)

PLATFORMS
  ruby

DEPENDENCIES
  rack-test
  rexis!
  timecop
